GEM
  remote: http://rubygems.org/
  specs:
    haml (4.0.0)
      tilt
    mimemagic (0.2.0)
    taglib-ruby (0.5.2)
    tilt (1.3.3)

PLATFORMS
  ruby

DEPENDENCIES
  haml
  mimemagic
  taglib-ruby
