GEM
  remote: http://rubygems.org/
  specs:
    mimemagic (0.2.0)
    taglib-ruby (0.5.2)

PLATFORMS
  ruby

DEPENDENCIES
  mimemagic
  taglib-ruby
