GIT
  remote: git://github.com/kaethorn/taglib-ruby.git
  revision: fe139cdfbe004cf2247bfc8ced5f6748d6e08f6f
  branch: id3v2_headers
  specs:
    taglib-ruby (0.5.2)

GEM
  remote: http://rubygems.org/
  specs:
    haml (4.0.0)
      tilt
    mimemagic (0.2.0)
    tilt (1.3.3)

PLATFORMS
  ruby

DEPENDENCIES
  haml
  mimemagic
  taglib-ruby (= 0.5.2)!
